RESTRICTION: || (== netcoreapp2.0) (== netstandard1.6)
NUGET
  remote: https://www.nuget.org/api/v2
    Consul (0.7.2.4)
      NETStandard.Library (>= 1.6.1)
      Newtonsoft.Json (>= 10.0.2)
      System.Collections (>= 4.3)
      System.Linq (>= 4.3)
      System.Net.Http (>= 4.3)
      System.Net.Http.WinHttpHandler (>= 4.0)
      System.Runtime (>= 4.3)
      System.Security.Cryptography.X509Certificates (>= 4.3)
      System.Text.RegularExpressions (>= 4.3)
      System.Threading (>= 4.3)
      System.Threading.Thread (>= 4.0)
    FAKE (4.64.11)
    FSharp.Core (4.3.4)
      System.Collections (>= 4.0.11) - restriction: || (&& (== netcoreapp2.0) (< netstandard2.0)) (== netstandard1.6)
      System.Console (>= 4.0) - restriction: || (&& (== netcoreapp2.0) (< netstandard2.0)) (== netstandard1.6)
      System.Diagnostics.Debug (>= 4.0.11) - restriction: || (&& (== netcoreapp2.0) (< netstandard2.0)) (== netstandard1.6)
      System.Diagnostics.Tools (>= 4.0.1) - restriction: || (&& (== netcoreapp2.0) (< netstandard2.0)) (== netstandard1.6)
      System.Globalization (>= 4.0.11) - restriction: || (&& (== netcoreapp2.0) (< netstandard2.0)) (== netstandard1.6)
      System.IO (>= 4.1) - restriction: || (&& (== netcoreapp2.0) (< netstandard2.0)) (== netstandard1.6)
      System.Linq (>= 4.1) - restriction: || (&& (== netcoreapp2.0) (< netstandard2.0)) (== netstandard1.6)
      System.Linq.Expressions (>= 4.1) - restriction: || (&& (== netcoreapp2.0) (< netstandard2.0)) (== netstandard1.6)
      System.Linq.Queryable (>= 4.0.1) - restriction: || (&& (== netcoreapp2.0) (< netstandard2.0)) (== netstandard1.6)
      System.Net.Requests (>= 4.0.11) - restriction: || (&& (== netcoreapp2.0) (< netstandard2.0)) (== netstandard1.6)
      System.Reflection (>= 4.1) - restriction: || (&& (== netcoreapp2.0) (< netstandard2.0)) (== netstandard1.6)
      System.Reflection.Extensions (>= 4.0.1) - restriction: || (&& (== netcoreapp2.0) (< netstandard2.0)) (== netstandard1.6)
      System.Resources.ResourceManager (>= 4.0.1) - restriction: || (&& (== netcoreapp2.0) (< netstandard2.0)) (== netstandard1.6)
      System.Runtime (>= 4.1) - restriction: || (&& (== netcoreapp2.0) (< netstandard2.0)) (== netstandard1.6)
      System.Runtime.Extensions (>= 4.1) - restriction: || (&& (== netcoreapp2.0) (< netstandard2.0)) (== netstandard1.6)
      System.Runtime.Numerics (>= 4.0.1) - restriction: || (&& (== netcoreapp2.0) (< netstandard2.0)) (== netstandard1.6)
      System.Text.RegularExpressions (>= 4.1) - restriction: || (&& (== netcoreapp2.0) (< netstandard2.0)) (== netstandard1.6)
      System.Threading (>= 4.0.11) - restriction: || (&& (== netcoreapp2.0) (< netstandard2.0)) (== netstandard1.6)
      System.Threading.Tasks (>= 4.0.11) - restriction: || (&& (== netcoreapp2.0) (< netstandard2.0)) (== netstandard1.6)
      System.Threading.Tasks.Parallel (>= 4.0.1) - restriction: || (&& (== netcoreapp2.0) (< netstandard2.0)) (== netstandard1.6)
      System.Threading.Thread (>= 4.0) - restriction: || (&& (== netcoreapp2.0) (< netstandard2.0)) (== netstandard1.6)
      System.Threading.ThreadPool (>= 4.0.10) - restriction: || (&& (== netcoreapp2.0) (< netstandard2.0)) (== netstandard1.6)
      System.Threading.Timer (>= 4.0.1) - restriction: || (&& (== netcoreapp2.0) (< netstandard2.0)) (== netstandard1.6)
    Google.Protobuf (3.5.1)
      NETStandard.Library (>= 1.6.1)
    Grpc (1.10)
      Grpc.Core (>= 1.10)
    Grpc.Core (1.10)
      NETStandard.Library (>= 1.6.1)
      System.Interactive.Async (>= 3.1.1)
      System.Runtime.Loader (>= 4.0)
      System.Threading.Thread (>= 4.0)
      System.Threading.ThreadPool (>= 4.0.10)
    Microsoft.CSharp (4.4.1) - restriction: || (&& (== netcoreapp2.0) (< netstandard1.3)) (&& (== netcoreapp2.0) (< netstandard2.0)) (== netstandard1.6)
      NETStandard.Library (>= 1.6.1) - restriction: || (&& (== netcoreapp2.0) (< netstandard1.3)) (&& (== netcoreapp2.0) (< netstandard2.0)) (&& (== netcoreapp2.0) (< portable-net45+win8+wp8+wpa81)) (== netstandard1.6)
      System.Dynamic.Runtime (>= 4.3) - restriction: || (&& (== netcoreapp2.0) (< netstandard1.3)) (&& (== netcoreapp2.0) (< netstandard2.0)) (&& (== netcoreapp2.0) (< portable-net45+win8+wp8+wpa81)) (== netstandard1.6)
      System.Reflection.TypeExtensions (>= 4.4) - restriction: || (&& (== netcoreapp2.0) (< netstandard2.0)) (&& (== netcoreapp2.0) (< portable-net45+win8+wp8+wpa81)) (== netstandard1.6)
    Microsoft.Extensions.DependencyInjection.Abstractions (2.0) - restriction: || (== netcoreapp2.0) (&& (== netstandard1.6) (>= netstandard2.0))
    Microsoft.Extensions.Logging.Abstractions (2.0)
    Microsoft.Extensions.Options (2.0)
      Microsoft.Extensions.DependencyInjection.Abstractions (>= 2.0) - restriction: || (== netcoreapp2.0) (&& (== netstandard1.6) (>= netstandard2.0))
      Microsoft.Extensions.Primitives (>= 2.0) - restriction: || (== netcoreapp2.0) (&& (== netstandard1.6) (>= netstandard2.0))
    Microsoft.Extensions.Primitives (2.0) - restriction: || (== netcoreapp2.0) (&& (== netstandard1.6) (>= netstandard2.0))
      System.Runtime.CompilerServices.Unsafe (>= 4.4) - restriction: || (== netcoreapp2.0) (&& (== netstandard1.6) (>= netstandard2.0))
    Microsoft.NETCore.Platforms (2.0.1) - restriction: || (&& (== netcoreapp2.0) (< netstandard1.3)) (&& (== netcoreapp2.0) (< netstandard1.5)) (&& (== netcoreapp2.0) (< netstandard2.0)) (&& (== netcoreapp2.0) (< portable-net45+win8+wp8+wpa81)) (== netstandard1.6)
    Microsoft.NETCore.Targets (2.0) - restriction: || (&& (== netcoreapp2.0) (< netstandard1.3)) (&& (== netcoreapp2.0) (< netstandard1.5)) (&& (== netcoreapp2.0) (< netstandard2.0)) (&& (== netcoreapp2.0) (< portable-net45+win8+wp8+wpa81)) (== netstandard1.6)
    Microsoft.Win32.Primitives (4.3) - restriction: || (&& (== netcoreapp2.0) (< netstandard1.4)) (&& (== netcoreapp2.0) (< netstandard1.5)) (&& (== netcoreapp2.0) (< netstandard1.6)) (&& (== netcoreapp2.0) (< netstandard2.0)) (== netstandard1.6)
      Microsoft.NETCore.Platforms (>= 1.1)
      Microsoft.NETCore.Targets (>= 1.1)
      System.Runtime (>= 4.3)
    NETStandard.Library (2.0.1) - restriction: || (&& (== netcoreapp2.0) (< netstandard2.0)) (== netstandard1.6)
      Microsoft.NETCore.Platforms (>= 1.1)
      Microsoft.Win32.Primitives (>= 4.3) - restriction: || (&& (== netcoreapp2.0) (< netstandard1.4)) (&& (== netcoreapp2.0) (< netstandard1.5)) (&& (== netcoreapp2.0) (< netstandard1.6)) (&& (== netcoreapp2.0) (< netstandard2.0)) (== netstandard1.6)
      System.AppContext (>= 4.3) - restriction: || (&& (== netcoreapp2.0) (< netstandard1.4)) (&& (== netcoreapp2.0) (< netstandard1.5)) (&& (== netcoreapp2.0) (< netstandard1.6)) (&& (== netcoreapp2.0) (< netstandard2.0)) (== netstandard1.6)
      System.Collections (>= 4.3) - restriction: || (&& (== netcoreapp2.0) (< netstandard1.3)) (&& (== netcoreapp2.0) (< netstandard1.4)) (&& (== netcoreapp2.0) (< netstandard1.5)) (&& (== netcoreapp2.0) (< netstandard1.6)) (&& (== netcoreapp2.0) (< netstandard2.0)) (&& (== netcoreapp2.0) (< portable-net45+win8+wpa81)) (&& (== netcoreapp2.0) (< portable-net451+win81+wpa81)) (== netstandard1.6)
      System.Collections.Concurrent (>= 4.3) - restriction: || (&& (== netcoreapp2.0) (< netstandard1.3)) (&& (== netcoreapp2.0) (< netstandard1.4)) (&& (== netcoreapp2.0) (< netstandard1.5)) (&& (== netcoreapp2.0) (< netstandard1.6)) (&& (== netcoreapp2.0) (< netstandard2.0)) (&& (== netcoreapp2.0) (< portable-net451+win81+wpa81)) (== netstandard1.6)
      System.Console (>= 4.3) - restriction: || (&& (== netcoreapp2.0) (< netstandard1.4)) (&& (== netcoreapp2.0) (< netstandard1.5)) (&& (== netcoreapp2.0) (< netstandard1.6)) (&& (== netcoreapp2.0) (< netstandard2.0)) (== netstandard1.6)
      System.Diagnostics.Debug (>= 4.3) - restriction: || (&& (== netcoreapp2.0) (< netstandard1.3)) (&& (== netcoreapp2.0) (< netstandard1.4)) (&& (== netcoreapp2.0) (< netstandard1.5)) (&& (== netcoreapp2.0) (< netstandard1.6)) (&& (== netcoreapp2.0) (< netstandard2.0)) (&& (== netcoreapp2.0) (< portable-net45+win8+wpa81)) (&& (== netcoreapp2.0) (< portable-net451+win81+wpa81)) (== netstandard1.6)
      System.Diagnostics.Tools (>= 4.3) - restriction: || (&& (== netcoreapp2.0) (< netstandard1.3)) (&& (== netcoreapp2.0) (< netstandard1.4)) (&& (== netcoreapp2.0) (< netstandard1.5)) (&& (== netcoreapp2.0) (< netstandard1.6)) (&& (== netcoreapp2.0) (< netstandard2.0)) (&& (== netcoreapp2.0) (< portable-net45+win8+wpa81)) (&& (== netcoreapp2.0) (< portable-net451+win81+wpa81)) (== netstandard1.6)
      System.Diagnostics.Tracing (>= 4.3) - restriction: || (&& (== netcoreapp2.0) (< netstandard1.3)) (&& (== netcoreapp2.0) (< netstandard1.4)) (&& (== netcoreapp2.0) (< netstandard1.5)) (&& (== netcoreapp2.0) (< netstandard1.6)) (&& (== netcoreapp2.0) (< netstandard2.0)) (&& (== netcoreapp2.0) (< portable-net451+win81+wpa81)) (== netstandard1.6)
      System.Globalization (>= 4.3) - restriction: || (&& (== netcoreapp2.0) (< netstandard1.3)) (&& (== netcoreapp2.0) (< netstandard1.4)) (&& (== netcoreapp2.0) (< netstandard1.5)) (&& (== netcoreapp2.0) (< netstandard1.6)) (&& (== netcoreapp2.0) (< netstandard2.0)) (&& (== netcoreapp2.0) (< portable-net45+win8+wpa81)) (&& (== netcoreapp2.0) (< portable-net451+win81+wpa81)) (== netstandard1.6)
      System.Globalization.Calendars (>= 4.3) - restriction: || (&& (== netcoreapp2.0) (< netstandard1.4)) (&& (== netcoreapp2.0) (< netstandard1.5)) (&& (== netcoreapp2.0) (< netstandard1.6)) (&& (== netcoreapp2.0) (< netstandard2.0)) (== netstandard1.6)
      System.IO (>= 4.3) - restriction: || (&& (== netcoreapp2.0) (< netstandard1.3)) (&& (== netcoreapp2.0) (< netstandard1.4)) (&& (== netcoreapp2.0) (< netstandard1.5)) (&& (== netcoreapp2.0) (< netstandard1.6)) (&& (== netcoreapp2.0) (< netstandard2.0)) (&& (== netcoreapp2.0) (< portable-net45+win8+wpa81)) (&& (== netcoreapp2.0) (< portable-net451+win81+wpa81)) (== netstandard1.6)
      System.IO.Compression (>= 4.3) - restriction: || (&& (== netcoreapp2.0) (< netstandard1.3)) (&& (== netcoreapp2.0) (< netstandard1.4)) (&& (== netcoreapp2.0) (< netstandard1.5)) (&& (== netcoreapp2.0) (< netstandard1.6)) (&& (== netcoreapp2.0) (< netstandard2.0)) (&& (== netcoreapp2.0) (< portable-net451+win81+wpa81)) (== netstandard1.6)
      System.IO.Compression.ZipFile (>= 4.3) - restriction: || (&& (== netcoreapp2.0) (< netstandard1.4)) (&& (== netcoreapp2.0) (< netstandard1.5)) (&& (== netcoreapp2.0) (< netstandard1.6)) (&& (== netcoreapp2.0) (< netstandard2.0)) (== netstandard1.6)
      System.IO.FileSystem (>= 4.3) - restriction: || (&& (== netcoreapp2.0) (< netstandard1.4)) (&& (== netcoreapp2.0) (< netstandard1.5)) (&& (== netcoreapp2.0) (< netstandard1.6)) (&& (== netcoreapp2.0) (< netstandard2.0)) (== netstandard1.6)
      System.IO.FileSystem.Primitives (>= 4.3) - restriction: || (&& (== netcoreapp2.0) (< netstandard1.4)) (&& (== netcoreapp2.0) (< netstandard1.5)) (&& (== netcoreapp2.0) (< netstandard1.6)) (&& (== netcoreapp2.0) (< netstandard2.0)) (== netstandard1.6)
      System.Linq (>= 4.3) - restriction: || (&& (== netcoreapp2.0) (< netstandard1.3)) (&& (== netcoreapp2.0) (< netstandard1.4)) (&& (== netcoreapp2.0) (< netstandard1.5)) (&& (== netcoreapp2.0) (< netstandard1.6)) (&& (== netcoreapp2.0) (< netstandard2.0)) (&& (== netcoreapp2.0) (< portable-net45+win8+wpa81)) (&& (== netcoreapp2.0) (< portable-net451+win81+wpa81)) (== netstandard1.6)
      System.Linq.Expressions (>= 4.3) - restriction: || (&& (== netcoreapp2.0) (< netstandard1.3)) (&& (== netcoreapp2.0) (< netstandard1.4)) (&& (== netcoreapp2.0) (< netstandard1.5)) (&& (== netcoreapp2.0) (< netstandard1.6)) (&& (== netcoreapp2.0) (< netstandard2.0)) (&& (== netcoreapp2.0) (< portable-net45+win8+wpa81)) (&& (== netcoreapp2.0) (< portable-net451+win81+wpa81)) (== netstandard1.6)
      System.Net.Http (>= 4.3.2) - restriction: || (&& (== netcoreapp2.0) (< netstandard1.3)) (&& (== netcoreapp2.0) (< netstandard1.4)) (&& (== netcoreapp2.0) (< netstandard1.5)) (&& (== netcoreapp2.0) (< netstandard1.6)) (&& (== netcoreapp2.0) (< netstandard2.0)) (&& (== netcoreapp2.0) (< portable-net451+win81+wpa81)) (== netstandard1.6)
      System.Net.Primitives (>= 4.3) - restriction: || (&& (== netcoreapp2.0) (< netstandard1.3)) (&& (== netcoreapp2.0) (< netstandard1.4)) (&& (== netcoreapp2.0) (< netstandard1.5)) (&& (== netcoreapp2.0) (< netstandard1.6)) (&& (== netcoreapp2.0) (< netstandard2.0)) (&& (== netcoreapp2.0) (< portable-net45+win8+wpa81)) (&& (== netcoreapp2.0) (< portable-net451+win81+wpa81)) (== netstandard1.6)
      System.Net.Sockets (>= 4.3) - restriction: || (&& (== netcoreapp2.0) (< netstandard1.4)) (&& (== netcoreapp2.0) (< netstandard1.5)) (&& (== netcoreapp2.0) (< netstandard1.6)) (&& (== netcoreapp2.0) (< netstandard2.0)) (== netstandard1.6)
      System.ObjectModel (>= 4.3) - restriction: || (&& (== netcoreapp2.0) (< netstandard1.3)) (&& (== netcoreapp2.0) (< netstandard1.4)) (&& (== netcoreapp2.0) (< netstandard1.5)) (&& (== netcoreapp2.0) (< netstandard1.6)) (&& (== netcoreapp2.0) (< netstandard2.0)) (&& (== netcoreapp2.0) (< portable-net45+win8+wpa81)) (&& (== netcoreapp2.0) (< portable-net451+win81+wpa81)) (== netstandard1.6)
      System.Reflection (>= 4.3) - restriction: || (&& (== netcoreapp2.0) (< netstandard1.3)) (&& (== netcoreapp2.0) (< netstandard1.4)) (&& (== netcoreapp2.0) (< netstandard1.5)) (&& (== netcoreapp2.0) (< netstandard1.6)) (&& (== netcoreapp2.0) (< netstandard2.0)) (&& (== netcoreapp2.0) (< portable-net45+win8+wpa81)) (&& (== netcoreapp2.0) (< portable-net451+win81+wpa81)) (== netstandard1.6)
      System.Reflection.Extensions (>= 4.3) - restriction: || (&& (== netcoreapp2.0) (< netstandard1.3)) (&& (== netcoreapp2.0) (< netstandard1.4)) (&& (== netcoreapp2.0) (< netstandard1.5)) (&& (== netcoreapp2.0) (< netstandard1.6)) (&& (== netcoreapp2.0) (< netstandard2.0)) (&& (== netcoreapp2.0) (< portable-net45+win8+wpa81)) (&& (== netcoreapp2.0) (< portable-net451+win81+wpa81)) (== netstandard1.6)
      System.Reflection.Primitives (>= 4.3) - restriction: || (&& (== netcoreapp2.0) (< netstandard1.3)) (&& (== netcoreapp2.0) (< netstandard1.4)) (&& (== netcoreapp2.0) (< netstandard1.5)) (&& (== netcoreapp2.0) (< netstandard1.6)) (&& (== netcoreapp2.0) (< netstandard2.0)) (&& (== netcoreapp2.0) (< portable-net45+win8+wpa81)) (&& (== netcoreapp2.0) (< portable-net451+win81+wpa81)) (== netstandard1.6)
      System.Resources.ResourceManager (>= 4.3) - restriction: || (&& (== netcoreapp2.0) (< netstandard1.3)) (&& (== netcoreapp2.0) (< netstandard1.4)) (&& (== netcoreapp2.0) (< netstandard1.5)) (&& (== netcoreapp2.0) (< netstandard1.6)) (&& (== netcoreapp2.0) (< netstandard2.0)) (&& (== netcoreapp2.0) (< portable-net45+win8+wpa81)) (&& (== netcoreapp2.0) (< portable-net451+win81+wpa81)) (== netstandard1.6)
      System.Runtime (>= 4.3) - restriction: || (&& (== netcoreapp2.0) (< netstandard1.3)) (&& (== netcoreapp2.0) (< netstandard1.4)) (&& (== netcoreapp2.0) (< netstandard1.5)) (&& (== netcoreapp2.0) (< netstandard1.6)) (&& (== netcoreapp2.0) (< netstandard2.0)) (&& (== netcoreapp2.0) (< portable-net45+win8+wpa81)) (&& (== netcoreapp2.0) (< portable-net451+win81+wpa81)) (== netstandard1.6)
      System.Runtime.Extensions (>= 4.3) - restriction: || (&& (== netcoreapp2.0) (< netstandard1.3)) (&& (== netcoreapp2.0) (< netstandard1.4)) (&& (== netcoreapp2.0) (< netstandard1.5)) (&& (== netcoreapp2.0) (< netstandard1.6)) (&& (== netcoreapp2.0) (< netstandard2.0)) (&& (== netcoreapp2.0) (< portable-net45+win8+wpa81)) (&& (== netcoreapp2.0) (< portable-net451+win81+wpa81)) (== netstandard1.6)
      System.Runtime.Handles (>= 4.3) - restriction: || (&& (== netcoreapp2.0) (< netstandard1.4)) (&& (== netcoreapp2.0) (< netstandard1.5)) (&& (== netcoreapp2.0) (< netstandard1.6)) (&& (== netcoreapp2.0) (< netstandard2.0)) (== netstandard1.6)
      System.Runtime.InteropServices (>= 4.3) - restriction: || (&& (== netcoreapp2.0) (< netstandard1.3)) (&& (== netcoreapp2.0) (< netstandard1.4)) (&& (== netcoreapp2.0) (< netstandard1.5)) (&& (== netcoreapp2.0) (< netstandard1.6)) (&& (== netcoreapp2.0) (< netstandard2.0)) (&& (== netcoreapp2.0) (< portable-net451+win81+wpa81)) (== netstandard1.6)
      System.Runtime.InteropServices.RuntimeInformation (>= 4.3) - restriction: || (&& (== netcoreapp2.0) (< netstandard1.0)) (&& (== netcoreapp2.0) (< netstandard1.3)) (&& (== netcoreapp2.0) (< netstandard1.4)) (&& (== netcoreapp2.0) (< netstandard1.5)) (&& (== netcoreapp2.0) (< netstandard1.6)) (&& (== netcoreapp2.0) (< netstandard2.0)) (&& (== netcoreapp2.0) (< portable-net451+win81+wpa81)) (== netstandard1.6)
      System.Runtime.Numerics (>= 4.3) - restriction: || (&& (== netcoreapp2.0) (< netstandard1.3)) (&& (== netcoreapp2.0) (< netstandard1.4)) (&& (== netcoreapp2.0) (< netstandard1.5)) (&& (== netcoreapp2.0) (< netstandard1.6)) (&& (== netcoreapp2.0) (< netstandard2.0)) (&& (== netcoreapp2.0) (< portable-net451+win81+wpa81)) (== netstandard1.6)
      System.Security.Cryptography.Algorithms (>= 4.3) - restriction: || (&& (== netcoreapp2.0) (< netstandard1.4)) (&& (== netcoreapp2.0) (< netstandard1.5)) (&& (== netcoreapp2.0) (< netstandard1.6)) (&& (== netcoreapp2.0) (< netstandard2.0)) (== netstandard1.6)
      System.Security.Cryptography.Encoding (>= 4.3) - restriction: || (&& (== netcoreapp2.0) (< netstandard1.4)) (&& (== netcoreapp2.0) (< netstandard1.5)) (&& (== netcoreapp2.0) (< netstandard1.6)) (&& (== netcoreapp2.0) (< netstandard2.0)) (== netstandard1.6)
      System.Security.Cryptography.Primitives (>= 4.3) - restriction: || (&& (== netcoreapp2.0) (< netstandard1.4)) (&& (== netcoreapp2.0) (< netstandard1.5)) (&& (== netcoreapp2.0) (< netstandard1.6)) (&& (== netcoreapp2.0) (< netstandard2.0)) (== netstandard1.6)
      System.Security.Cryptography.X509Certificates (>= 4.3) - restriction: || (&& (== netcoreapp2.0) (< netstandard1.4)) (&& (== netcoreapp2.0) (< netstandard1.5)) (&& (== netcoreapp2.0) (< netstandard1.6)) (&& (== netcoreapp2.0) (< netstandard2.0)) (== netstandard1.6)
      System.Text.Encoding (>= 4.3) - restriction: || (&& (== netcoreapp2.0) (< netstandard1.3)) (&& (== netcoreapp2.0) (< netstandard1.4)) (&& (== netcoreapp2.0) (< netstandard1.5)) (&& (== netcoreapp2.0) (< netstandard1.6)) (&& (== netcoreapp2.0) (< netstandard2.0)) (&& (== netcoreapp2.0) (< portable-net45+win8+wpa81)) (&& (== netcoreapp2.0) (< portable-net451+win81+wpa81)) (== netstandard1.6)
      System.Text.Encoding.Extensions (>= 4.3) - restriction: || (&& (== netcoreapp2.0) (< netstandard1.3)) (&& (== netcoreapp2.0) (< netstandard1.4)) (&& (== netcoreapp2.0) (< netstandard1.5)) (&& (== netcoreapp2.0) (< netstandard1.6)) (&& (== netcoreapp2.0) (< netstandard2.0)) (&& (== netcoreapp2.0) (< portable-net45+win8+wpa81)) (&& (== netcoreapp2.0) (< portable-net451+win81+wpa81)) (== netstandard1.6)
      System.Text.RegularExpressions (>= 4.3) - restriction: || (&& (== netcoreapp2.0) (< netstandard1.3)) (&& (== netcoreapp2.0) (< netstandard1.4)) (&& (== netcoreapp2.0) (< netstandard1.5)) (&& (== netcoreapp2.0) (< netstandard1.6)) (&& (== netcoreapp2.0) (< netstandard2.0)) (&& (== netcoreapp2.0) (< portable-net45+win8+wpa81)) (&& (== netcoreapp2.0) (< portable-net451+win81+wpa81)) (== netstandard1.6)
      System.Threading (>= 4.3) - restriction: || (&& (== netcoreapp2.0) (< netstandard1.3)) (&& (== netcoreapp2.0) (< netstandard1.4)) (&& (== netcoreapp2.0) (< netstandard1.5)) (&& (== netcoreapp2.0) (< netstandard1.6)) (&& (== netcoreapp2.0) (< netstandard2.0)) (&& (== netcoreapp2.0) (< portable-net45+win8+wpa81)) (&& (== netcoreapp2.0) (< portable-net451+win81+wpa81)) (== netstandard1.6)
      System.Threading.Tasks (>= 4.3) - restriction: || (&& (== netcoreapp2.0) (< netstandard1.3)) (&& (== netcoreapp2.0) (< netstandard1.4)) (&& (== netcoreapp2.0) (< netstandard1.5)) (&& (== netcoreapp2.0) (< netstandard1.6)) (&& (== netcoreapp2.0) (< netstandard2.0)) (&& (== netcoreapp2.0) (< portable-net45+win8+wpa81)) (&& (== netcoreapp2.0) (< portable-net451+win81+wpa81)) (== netstandard1.6)
      System.Threading.Timer (>= 4.3) - restriction: || (&& (== netcoreapp2.0) (< netstandard1.3)) (&& (== netcoreapp2.0) (< netstandard1.4)) (&& (== netcoreapp2.0) (< netstandard1.5)) (&& (== netcoreapp2.0) (< netstandard1.6)) (&& (== netcoreapp2.0) (< netstandard2.0)) (== netstandard1.6)
      System.Xml.ReaderWriter (>= 4.3) - restriction: || (&& (== netcoreapp2.0) (< netstandard1.3)) (&& (== netcoreapp2.0) (< netstandard1.4)) (&& (== netcoreapp2.0) (< netstandard1.5)) (&& (== netcoreapp2.0) (< netstandard1.6)) (&& (== netcoreapp2.0) (< netstandard2.0)) (&& (== netcoreapp2.0) (< portable-net45+win8+wpa81)) (&& (== netcoreapp2.0) (< portable-net451+win81+wpa81)) (== netstandard1.6)
      System.Xml.XDocument (>= 4.3) - restriction: || (&& (== netcoreapp2.0) (< netstandard1.3)) (&& (== netcoreapp2.0) (< netstandard1.4)) (&& (== netcoreapp2.0) (< netstandard1.5)) (&& (== netcoreapp2.0) (< netstandard1.6)) (&& (== netcoreapp2.0) (< netstandard2.0)) (&& (== netcoreapp2.0) (< portable-net45+win8+wpa81)) (&& (== netcoreapp2.0) (< portable-net451+win81+wpa81)) (== netstandard1.6)
    Newtonsoft.Json (11.0.1)
      Microsoft.CSharp (>= 4.3) - restriction: || (&& (== netcoreapp2.0) (< netstandard1.3)) (&& (== netcoreapp2.0) (< netstandard2.0)) (== netstandard1.6)
      NETStandard.Library (>= 1.6.1) - restriction: || (&& (== netcoreapp2.0) (< netstandard1.3)) (&& (== netcoreapp2.0) (< netstandard2.0)) (== netstandard1.6)
      System.ComponentModel.TypeConverter (>= 4.3) - restriction: || (&& (== netcoreapp2.0) (< netstandard1.3)) (&& (== netcoreapp2.0) (< netstandard2.0)) (== netstandard1.6)
      System.Runtime.Serialization.Formatters (>= 4.3) - restriction: || (&& (== netcoreapp2.0) (< netstandard2.0)) (== netstandard1.6)
      System.Runtime.Serialization.Primitives (>= 4.3) - restriction: || (&& (== netcoreapp2.0) (< netstandard1.3)) (&& (== netcoreapp2.0) (< netstandard2.0)) (== netstandard1.6)
      System.Xml.XmlDocument (>= 4.3) - restriction: || (&& (== netcoreapp2.0) (< netstandard2.0)) (== netstandard1.6)
    Proto.Actor (0.1.16)
      Google.Protobuf (>= 3.4.1)
      Microsoft.Extensions.Logging.Abstractions (>= 1.1.2) - restriction: || (&& (== netcoreapp2.0) (>= net452)) (&& (== netcoreapp2.0) (< netstandard2.0)) (== netstandard1.6)
      Microsoft.Extensions.Logging.Abstractions (>= 2.0) - restriction: || (== netcoreapp2.0) (&& (== netstandard1.6) (>= netstandard2.0))
      NETStandard.Library (>= 1.6.1) - restriction: || (&& (== netcoreapp2.0) (< netstandard2.0)) (== netstandard1.6)
      Proto.Mailbox (>= 0.1.16)
      System.ValueTuple (>= 4.4)
    Proto.Cluster (0.1.16)
      NETStandard.Library (>= 1.6.1) - restriction: || (&& (== netcoreapp2.0) (< netstandard2.0)) (== netstandard1.6)
      Proto.Actor (>= 0.1.16)
      Proto.Mailbox (>= 0.1.16)
      Proto.Remote (>= 0.1.16)
      Proto.Router (>= 0.1.16)
    Proto.Cluster.Consul (0.1.16)
      Consul (>= 0.7.2.3)
      Microsoft.Extensions.Options (>= 1.1.2)
      NETStandard.Library (>= 1.6.1) - restriction: || (&& (== netcoreapp2.0) (< netstandard2.0)) (== netstandard1.6)
      Proto.Actor (>= 0.1.16)
      Proto.Cluster (>= 0.1.16)
      Proto.Mailbox (>= 0.1.16)
      Proto.Persistence (>= 0.1.16)
    Proto.Mailbox (0.1.16)
      NETStandard.Library (>= 1.6.1) - restriction: || (&& (== netcoreapp2.0) (< netstandard2.0)) (== netstandard1.6)
    Proto.Persistence (0.1.16)
      NETStandard.Library (>= 1.6.1) - restriction: || (&& (== netcoreapp2.0) (< netstandard2.0)) (== netstandard1.6)
      System.ValueTuple (>= 4.4)
    Proto.Remote (0.1.16)
      Google.Protobuf (>= 3.4.1)
      Grpc (>= 1.7.1)
      NETStandard.Library (>= 1.6.1) - restriction: || (&& (== netcoreapp2.0) (< netstandard2.0)) (== netstandard1.6)
      Proto.Actor (>= 0.1.16)
      Proto.Mailbox (>= 0.1.16)
      Proto.Router (>= 0.1.16)
    Proto.Router (0.1.16)
      NETStandard.Library (>= 1.6.1) - restriction: || (&& (== netcoreapp2.0) (< netstandard2.0)) (== netstandard1.6)
      Proto.Actor (>= 0.1.16)
      Proto.Mailbox (>= 0.1.16)
    runtime.debian.8-x64.runtime.native.System.Security.Cryptography.OpenSsl (4.3.2) - restriction: || (&& (== netcoreapp2.0) (< netstandard1.3)) (&& (== netcoreapp2.0) (< netstandard1.4)) (&& (== netcoreapp2.0) (< netstandard1.5)) (&& (== netcoreapp2.0) (< netstandard1.6)) (&& (== netcoreapp2.0) (< netstandard2.0)) (&& (== netcoreapp2.0) (< portable-net451+win81+wpa81)) (== netstandard1.6)
    runtime.fedora.23-x64.runtime.native.System.Security.Cryptography.OpenSsl (4.3.2) - restriction: || (&& (== netcoreapp2.0) (< netstandard1.3)) (&& (== netcoreapp2.0) (< netstandard1.4)) (&& (== netcoreapp2.0) (< netstandard1.5)) (&& (== netcoreapp2.0) (< netstandard1.6)) (&& (== netcoreapp2.0) (< netstandard2.0)) (&& (== netcoreapp2.0) (< portable-net451+win81+wpa81)) (== netstandard1.6)
    runtime.fedora.24-x64.runtime.native.System.Security.Cryptography.OpenSsl (4.3.2) - restriction: || (&& (== netcoreapp2.0) (< netstandard1.3)) (&& (== netcoreapp2.0) (< netstandard1.4)) (&& (== netcoreapp2.0) (< netstandard1.5)) (&& (== netcoreapp2.0) (< netstandard1.6)) (&& (== netcoreapp2.0) (< netstandard2.0)) (&& (== netcoreapp2.0) (< portable-net451+win81+wpa81)) (== netstandard1.6)
    runtime.native.System (4.3) - restriction: || (&& (== netcoreapp2.0) (< netstandard1.3)) (&& (== netcoreapp2.0) (< netstandard1.4)) (&& (== netcoreapp2.0) (< netstandard1.5)) (&& (== netcoreapp2.0) (< netstandard1.6)) (&& (== netcoreapp2.0) (< netstandard2.0)) (&& (== netcoreapp2.0) (< portable-net451+win81+wpa81)) (== netstandard1.6)
      Microsoft.NETCore.Platforms (>= 1.1)
      Microsoft.NETCore.Targets (>= 1.1)
    runtime.native.System.IO.Compression (4.3.1) - restriction: || (&& (== netcoreapp2.0) (< netstandard1.3)) (&& (== netcoreapp2.0) (< netstandard1.4)) (&& (== netcoreapp2.0) (< netstandard1.5)) (&& (== netcoreapp2.0) (< netstandard1.6)) (&& (== netcoreapp2.0) (< netstandard2.0)) (&& (== netcoreapp2.0) (< portable-net45+win8+wpa81)) (&& (== netcoreapp2.0) (< portable-net451+win81+wpa81)) (== netstandard1.6)
      Microsoft.NETCore.Platforms (>= 1.1)
      Microsoft.NETCore.Targets (>= 1.1.1)
    runtime.native.System.Net.Http (4.3) - restriction: || (&& (== netcoreapp2.0) (< netstandard1.3)) (&& (== netcoreapp2.0) (< netstandard1.4)) (&& (== netcoreapp2.0) (< netstandard1.5)) (&& (== netcoreapp2.0) (< netstandard1.6)) (&& (== netcoreapp2.0) (< netstandard2.0)) (&& (== netcoreapp2.0) (< portable-net451+win81+wpa81)) (== netstandard1.6)
      Microsoft.NETCore.Platforms (>= 1.1)
      Microsoft.NETCore.Targets (>= 1.1)
    runtime.native.System.Security.Cryptography.Apple (4.3.1) - restriction: || (&& (== netcoreapp2.0) (< netstandard1.4)) (&& (== netcoreapp2.0) (< netstandard1.5)) (&& (== netcoreapp2.0) (< netstandard1.6)) (&& (== netcoreapp2.0) (< netstandard2.0)) (== netstandard1.6)
      runtime.osx.10.10-x64.runtime.native.System.Security.Cryptography.Apple (>= 4.3.1)
    runtime.native.System.Security.Cryptography.OpenSsl (4.3.2) - restriction: || (&& (== netcoreapp2.0) (< netstandard1.3)) (&& (== netcoreapp2.0) (< netstandard1.4)) (&& (== netcoreapp2.0) (< netstandard1.5)) (&& (== netcoreapp2.0) (< netstandard1.6)) (&& (== netcoreapp2.0) (< netstandard2.0)) (&& (== netcoreapp2.0) (< portable-net451+win81+wpa81)) (== netstandard1.6)
      runtime.debian.8-x64.runtime.native.System.Security.Cryptography.OpenSsl (>= 4.3.2)
      runtime.fedora.23-x64.runtime.native.System.Security.Cryptography.OpenSsl (>= 4.3.2)
      runtime.fedora.24-x64.runtime.native.System.Security.Cryptography.OpenSsl (>= 4.3.2)
      runtime.opensuse.13.2-x64.runtime.native.System.Security.Cryptography.OpenSsl (>= 4.3.2)
      runtime.opensuse.42.1-x64.runtime.native.System.Security.Cryptography.OpenSsl (>= 4.3.2)
      runtime.osx.10.10-x64.runtime.native.System.Security.Cryptography.OpenSsl (>= 4.3.2)
      runtime.rhel.7-x64.runtime.native.System.Security.Cryptography.OpenSsl (>= 4.3.2)
      runtime.ubuntu.14.04-x64.runtime.native.System.Security.Cryptography.OpenSsl (>= 4.3.2)
      runtime.ubuntu.16.04-x64.runtime.native.System.Security.Cryptography.OpenSsl (>= 4.3.2)
      runtime.ubuntu.16.10-x64.runtime.native.System.Security.Cryptography.OpenSsl (>= 4.3.2)
    runtime.opensuse.13.2-x64.runtime.native.System.Security.Cryptography.OpenSsl (4.3.2) - restriction: || (&& (== netcoreapp2.0) (< netstandard1.3)) (&& (== netcoreapp2.0) (< netstandard1.4)) (&& (== netcoreapp2.0) (< netstandard1.5)) (&& (== netcoreapp2.0) (< netstandard1.6)) (&& (== netcoreapp2.0) (< netstandard2.0)) (&& (== netcoreapp2.0) (< portable-net451+win81+wpa81)) (== netstandard1.6)
    runtime.opensuse.42.1-x64.runtime.native.System.Security.Cryptography.OpenSsl (4.3.2) - restriction: || (&& (== netcoreapp2.0) (< netstandard1.3)) (&& (== netcoreapp2.0) (< netstandard1.4)) (&& (== netcoreapp2.0) (< netstandard1.5)) (&& (== netcoreapp2.0) (< netstandard1.6)) (&& (== netcoreapp2.0) (< netstandard2.0)) (&& (== netcoreapp2.0) (< portable-net451+win81+wpa81)) (== netstandard1.6)
    runtime.osx.10.10-x64.runtime.native.System.Security.Cryptography.Apple (4.3.1) - restriction: || (&& (== netcoreapp2.0) (< netstandard1.4)) (&& (== netcoreapp2.0) (< netstandard1.5)) (&& (== netcoreapp2.0) (< netstandard1.6)) (&& (== netcoreapp2.0) (< netstandard2.0)) (== netstandard1.6)
    runtime.osx.10.10-x64.runtime.native.System.Security.Cryptography.OpenSsl (4.3.2) - restriction: || (&& (== netcoreapp2.0) (< netstandard1.3)) (&& (== netcoreapp2.0) (< netstandard1.4)) (&& (== netcoreapp2.0) (< netstandard1.5)) (&& (== netcoreapp2.0) (< netstandard1.6)) (&& (== netcoreapp2.0) (< netstandard2.0)) (&& (== netcoreapp2.0) (< portable-net451+win81+wpa81)) (== netstandard1.6)
    runtime.rhel.7-x64.runtime.native.System.Security.Cryptography.OpenSsl (4.3.2) - restriction: || (&& (== netcoreapp2.0) (< netstandard1.3)) (&& (== netcoreapp2.0) (< netstandard1.4)) (&& (== netcoreapp2.0) (< netstandard1.5)) (&& (== netcoreapp2.0) (< netstandard1.6)) (&& (== netcoreapp2.0) (< netstandard2.0)) (&& (== netcoreapp2.0) (< portable-net451+win81+wpa81)) (== netstandard1.6)
    runtime.ubuntu.14.04-x64.runtime.native.System.Security.Cryptography.OpenSsl (4.3.2) - restriction: || (&& (== netcoreapp2.0) (< netstandard1.3)) (&& (== netcoreapp2.0) (< netstandard1.4)) (&& (== netcoreapp2.0) (< netstandard1.5)) (&& (== netcoreapp2.0) (< netstandard1.6)) (&& (== netcoreapp2.0) (< netstandard2.0)) (&& (== netcoreapp2.0) (< portable-net451+win81+wpa81)) (== netstandard1.6)
    runtime.ubuntu.16.04-x64.runtime.native.System.Security.Cryptography.OpenSsl (4.3.2) - restriction: || (&& (== netcoreapp2.0) (< netstandard1.3)) (&& (== netcoreapp2.0) (< netstandard1.4)) (&& (== netcoreapp2.0) (< netstandard1.5)) (&& (== netcoreapp2.0) (< netstandard1.6)) (&& (== netcoreapp2.0) (< netstandard2.0)) (&& (== netcoreapp2.0) (< portable-net451+win81+wpa81)) (== netstandard1.6)
    runtime.ubuntu.16.10-x64.runtime.native.System.Security.Cryptography.OpenSsl (4.3.2) - restriction: || (&& (== netcoreapp2.0) (< netstandard1.3)) (&& (== netcoreapp2.0) (< netstandard1.4)) (&& (== netcoreapp2.0) (< netstandard1.5)) (&& (== netcoreapp2.0) (< netstandard1.6)) (&& (== netcoreapp2.0) (< netstandard2.0)) (&& (== netcoreapp2.0) (< portable-net451+win81+wpa81)) (== netstandard1.6)
    System.AppContext (4.3) - restriction: || (&& (== netcoreapp2.0) (< netstandard1.4)) (&& (== netcoreapp2.0) (< netstandard1.5)) (&& (== netcoreapp2.0) (< netstandard1.6)) (&& (== netcoreapp2.0) (< netstandard2.0)) (== netstandard1.6)
      System.Runtime (>= 4.3)
    System.Buffers (4.4) - restriction: || (&& (== netcoreapp2.0) (< netstandard1.3)) (&& (== netcoreapp2.0) (< netstandard1.4)) (&& (== netcoreapp2.0) (< netstandard1.5)) (&& (== netcoreapp2.0) (< netstandard1.6)) (&& (== netcoreapp2.0) (< netstandard2.0)) (&& (== netcoreapp2.0) (< portable-net45+win8+wpa81)) (&& (== netcoreapp2.0) (< portable-net451+win81+wpa81)) (== netstandard1.6)
      System.Diagnostics.Debug (>= 4.3) - restriction: || (&& (== netcoreapp2.0) (< netstandard2.0)) (== netstandard1.6)
      System.Diagnostics.Tracing (>= 4.3) - restriction: || (&& (== netcoreapp2.0) (< netstandard2.0)) (== netstandard1.6)
      System.Resources.ResourceManager (>= 4.3) - restriction: || (&& (== netcoreapp2.0) (< netstandard2.0)) (== netstandard1.6)
      System.Runtime (>= 4.3) - restriction: || (&& (== netcoreapp2.0) (< netstandard2.0)) (== netstandard1.6)
      System.Threading (>= 4.3) - restriction: || (&& (== netcoreapp2.0) (< netstandard2.0)) (== netstandard1.6)
    System.Collections (4.3)
      Microsoft.NETCore.Platforms (>= 1.1)
      Microsoft.NETCore.Targets (>= 1.1)
      System.Runtime (>= 4.3)
    System.Collections.Concurrent (4.3) - restriction: || (&& (== netcoreapp2.0) (< netstandard1.3)) (&& (== netcoreapp2.0) (< netstandard2.0)) (&& (== netcoreapp2.0) (< portable-net45+win8+wpa81)) (== netstandard1.6)
      System.Collections (>= 4.3)
      System.Diagnostics.Debug (>= 4.3)
      System.Diagnostics.Tracing (>= 4.3)
      System.Globalization (>= 4.3)
      System.Reflection (>= 4.3)
      System.Resources.ResourceManager (>= 4.3)
      System.Runtime (>= 4.3)
      System.Runtime.Extensions (>= 4.3)
      System.Threading (>= 4.3)
      System.Threading.Tasks (>= 4.3)
    System.Collections.NonGeneric (4.3) - restriction: || (&& (== netcoreapp2.0) (< netstandard1.3)) (&& (== netcoreapp2.0) (< netstandard2.0)) (== netstandard1.6)
      System.Diagnostics.Debug (>= 4.3)
      System.Globalization (>= 4.3)
      System.Resources.ResourceManager (>= 4.3)
      System.Runtime (>= 4.3)
      System.Runtime.Extensions (>= 4.3)
      System.Threading (>= 4.3)
    System.Collections.Specialized (4.3) - restriction: || (&& (== netcoreapp2.0) (< netstandard1.3)) (&& (== netcoreapp2.0) (< netstandard2.0)) (== netstandard1.6)
      System.Collections.NonGeneric (>= 4.3)
      System.Globalization (>= 4.3)
      System.Globalization.Extensions (>= 4.3)
      System.Resources.ResourceManager (>= 4.3)
      System.Runtime (>= 4.3)
      System.Runtime.Extensions (>= 4.3)
      System.Threading (>= 4.3)
    System.ComponentModel (4.3) - restriction: || (&& (== netcoreapp2.0) (< netstandard1.3)) (&& (== netcoreapp2.0) (< netstandard1.5)) (&& (== netcoreapp2.0) (< netstandard2.0)) (== netstandard1.6)
      System.Runtime (>= 4.3)
    System.ComponentModel.Primitives (4.3) - restriction: || (&& (== netcoreapp2.0) (< netstandard1.0) (>= win8)) (&& (== netcoreapp2.0) (< netstandard1.3)) (&& (== netcoreapp2.0) (< netstandard1.5)) (&& (== netcoreapp2.0) (< netstandard2.0)) (&& (== netcoreapp2.0) (>= wp8)) (== netstandard1.6)
      System.ComponentModel (>= 4.3)
      System.Resources.ResourceManager (>= 4.3)
      System.Runtime (>= 4.3)
    System.ComponentModel.TypeConverter (4.3) - restriction: || (&& (== netcoreapp2.0) (< netstandard1.3)) (&& (== netcoreapp2.0) (< netstandard2.0)) (== netstandard1.6)
      System.Collections (>= 4.3)
      System.Collections.NonGeneric (>= 4.3)
      System.Collections.Specialized (>= 4.3)
      System.ComponentModel (>= 4.3)
      System.ComponentModel.Primitives (>= 4.3)
      System.Globalization (>= 4.3)
      System.Linq (>= 4.3)
      System.Reflection (>= 4.3)
      System.Reflection.Extensions (>= 4.3)
      System.Reflection.Primitives (>= 4.3)
      System.Reflection.TypeExtensions (>= 4.3)
      System.Resources.ResourceManager (>= 4.3)
      System.Runtime (>= 4.3)
      System.Runtime.Extensions (>= 4.3)
      System.Threading (>= 4.3)
    System.Console (4.3) - restriction: || (&& (== netcoreapp2.0) (< netstandard2.0)) (== netstandard1.6)
      Microsoft.NETCore.Platforms (>= 1.1)
      Microsoft.NETCore.Targets (>= 1.1)
      System.IO (>= 4.3)
      System.Runtime (>= 4.3)
      System.Text.Encoding (>= 4.3)
    System.Diagnostics.Debug (4.3) - restriction: || (&& (== netcoreapp2.0) (< netstandard2.0)) (&& (== netcoreapp2.0) (< portable-net45+win8+wp8+wpa81)) (== netstandard1.6)
      Microsoft.NETCore.Platforms (>= 1.1)
      Microsoft.NETCore.Targets (>= 1.1)
      System.Runtime (>= 4.3)
    System.Diagnostics.DiagnosticSource (4.4.1) - restriction: || (&& (== netcoreapp2.0) (>= monoandroid)) (&& (== netcoreapp2.0) (>= monotouch)) (&& (== netcoreapp2.0) (< netstandard2.0)) (&& (== netcoreapp2.0) (>= xamarinios)) (&& (== netcoreapp2.0) (>= xamarinmac)) (&& (== netcoreapp2.0) (>= xamarintvos)) (&& (== netcoreapp2.0) (>= xamarinwatchos)) (== netstandard1.6)
      System.Collections (>= 4.3) - restriction: || (&& (== netcoreapp2.0) (< netstandard1.3)) (== netstandard1.6)
      System.Diagnostics.Debug (>= 4.3) - restriction: == netstandard1.6
      System.Diagnostics.Tracing (>= 4.3) - restriction: || (&& (== netcoreapp2.0) (< netstandard1.3)) (== netstandard1.6)
      System.Reflection (>= 4.3) - restriction: || (&& (== netcoreapp2.0) (< netstandard1.3)) (== netstandard1.6)
      System.Runtime (>= 4.3) - restriction: || (&& (== netcoreapp2.0) (< netstandard1.3)) (== netstandard1.6)
      System.Runtime.Extensions (>= 4.3) - restriction: == netstandard1.6
      System.Threading (>= 4.3) - restriction: || (&& (== netcoreapp2.0) (< netstandard1.3)) (== netstandard1.6)
    System.Diagnostics.Tools (4.3) - restriction: || (&& (== netcoreapp2.0) (< netstandard2.0)) (== netstandard1.6)
      Microsoft.NETCore.Platforms (>= 1.1)
      Microsoft.NETCore.Targets (>= 1.1)
      System.Runtime (>= 4.3)
    System.Diagnostics.Tracing (4.3) - restriction: || (&& (== netcoreapp2.0) (< netstandard2.0)) (&& (== netcoreapp2.0) (< portable-net45+win8+wp8+wpa81)) (== netstandard1.6)
      Microsoft.NETCore.Platforms (>= 1.1)
      Microsoft.NETCore.Targets (>= 1.1)
      System.Runtime (>= 4.3)
    System.Dynamic.Runtime (4.3) - restriction: || (&& (== netcoreapp2.0) (< netstandard1.3)) (&& (== netcoreapp2.0) (< netstandard2.0)) (&& (== netcoreapp2.0) (< portable-net45+win8+wp8+wpa81)) (== netstandard1.6)
      System.Collections (>= 4.3)
      System.Diagnostics.Debug (>= 4.3)
      System.Linq (>= 4.3)
      System.Linq.Expressions (>= 4.3)
      System.ObjectModel (>= 4.3)
      System.Reflection (>= 4.3)
      System.Reflection.Emit (>= 4.3)
      System.Reflection.Emit.ILGeneration (>= 4.3)
      System.Reflection.Primitives (>= 4.3)
      System.Reflection.TypeExtensions (>= 4.3)
      System.Resources.ResourceManager (>= 4.3)
      System.Runtime (>= 4.3)
      System.Runtime.Extensions (>= 4.3)
      System.Threading (>= 4.3)
    System.Globalization (4.3) - restriction: || (&& (== netcoreapp2.0) (< netstandard2.0)) (&& (== netcoreapp2.0) (< portable-net45+win8+wp8+wpa81)) (== netstandard1.6)
      Microsoft.NETCore.Platforms (>= 1.1)
      Microsoft.NETCore.Targets (>= 1.1)
      System.Runtime (>= 4.3)
    System.Globalization.Calendars (4.3) - restriction: || (&& (== netcoreapp2.0) (< netstandard1.4)) (&& (== netcoreapp2.0) (< netstandard1.5)) (&& (== netcoreapp2.0) (< netstandard1.6)) (&& (== netcoreapp2.0) (< netstandard2.0)) (== netstandard1.6)
      Microsoft.NETCore.Platforms (>= 1.1)
      Microsoft.NETCore.Targets (>= 1.1)
      System.Globalization (>= 4.3)
      System.Runtime (>= 4.3)
    System.Globalization.Extensions (4.3) - restriction: || (&& (== netcoreapp2.0) (< netstandard1.3)) (&& (== netcoreapp2.0) (< netstandard1.4)) (&& (== netcoreapp2.0) (< netstandard1.5)) (&& (== netcoreapp2.0) (< netstandard1.6)) (&& (== netcoreapp2.0) (< netstandard2.0)) (&& (== netcoreapp2.0) (< portable-net451+win81+wpa81)) (== netstandard1.6)
      Microsoft.NETCore.Platforms (>= 1.1)
      System.Globalization (>= 4.3)
      System.Resources.ResourceManager (>= 4.3)
      System.Runtime (>= 4.3)
      System.Runtime.Extensions (>= 4.3)
      System.Runtime.InteropServices (>= 4.3)
    System.Interactive.Async (3.1.1)
      NETStandard.Library (>= 1.6)
    System.IO (4.3) - restriction: || (&& (== netcoreapp2.0) (< netstandard2.0)) (== netstandard1.6)
      Microsoft.NETCore.Platforms (>= 1.1)
      Microsoft.NETCore.Targets (>= 1.1)
      System.Runtime (>= 4.3)
      System.Text.Encoding (>= 4.3)
      System.Threading.Tasks (>= 4.3)
    System.IO.Compression (4.3) - restriction: || (&& (== netcoreapp2.0) (< netstandard1.3)) (&& (== netcoreapp2.0) (< netstandard1.4)) (&& (== netcoreapp2.0) (< netstandard1.5)) (&& (== netcoreapp2.0) (< netstandard1.6)) (&& (== netcoreapp2.0) (< netstandard2.0)) (&& (== netcoreapp2.0) (< portable-net451+win81+wpa81)) (== netstandard1.6)
      Microsoft.NETCore.Platforms (>= 1.1)
      runtime.native.System (>= 4.3)
      runtime.native.System.IO.Compression (>= 4.3)
      System.Buffers (>= 4.3)
      System.Collections (>= 4.3)
      System.Diagnostics.Debug (>= 4.3)
      System.IO (>= 4.3)
      System.Resources.ResourceManager (>= 4.3)
      System.Runtime (>= 4.3)
      System.Runtime.Extensions (>= 4.3)
      System.Runtime.Handles (>= 4.3)
      System.Runtime.InteropServices (>= 4.3)
      System.Text.Encoding (>= 4.3)
      System.Threading (>= 4.3)
      System.Threading.Tasks (>= 4.3)
    System.IO.Compression.ZipFile (4.3) - restriction: || (&& (== netcoreapp2.0) (< netstandard1.4)) (&& (== netcoreapp2.0) (< netstandard1.5)) (&& (== netcoreapp2.0) (< netstandard1.6)) (&& (== netcoreapp2.0) (< netstandard2.0)) (== netstandard1.6)
      System.Buffers (>= 4.3)
      System.IO (>= 4.3)
      System.IO.Compression (>= 4.3)
      System.IO.FileSystem (>= 4.3)
      System.IO.FileSystem.Primitives (>= 4.3)
      System.Resources.ResourceManager (>= 4.3)
      System.Runtime (>= 4.3)
      System.Runtime.Extensions (>= 4.3)
      System.Text.Encoding (>= 4.3)
    System.IO.FileSystem (4.3) - restriction: || (&& (== netcoreapp2.0) (< netstandard1.4)) (&& (== netcoreapp2.0) (< netstandard1.5)) (&& (== netcoreapp2.0) (< netstandard1.6)) (&& (== netcoreapp2.0) (< netstandard2.0)) (== netstandard1.6)
      Microsoft.NETCore.Platforms (>= 1.1)
      Microsoft.NETCore.Targets (>= 1.1)
      System.IO (>= 4.3)
      System.IO.FileSystem.Primitives (>= 4.3)
      System.Runtime (>= 4.3)
      System.Runtime.Handles (>= 4.3)
      System.Text.Encoding (>= 4.3)
      System.Threading.Tasks (>= 4.3)
    System.IO.FileSystem.Primitives (4.3) - restriction: || (&& (== netcoreapp2.0) (< netstandard1.4)) (&& (== netcoreapp2.0) (< netstandard1.5)) (&& (== netcoreapp2.0) (< netstandard1.6)) (&& (== netcoreapp2.0) (< netstandard2.0)) (== netstandard1.6)
      System.Runtime (>= 4.3)
    System.Linq (4.3) - restriction: || (&& (== netcoreapp2.0) (< netstandard2.0)) (== netstandard1.6)
      System.Collections (>= 4.3)
      System.Diagnostics.Debug (>= 4.3)
      System.Resources.ResourceManager (>= 4.3)
      System.Runtime (>= 4.3)
      System.Runtime.Extensions (>= 4.3)
    System.Linq.Expressions (4.3) - restriction: || (&& (== netcoreapp2.0) (< netstandard2.0)) (== netstandard1.6)
      System.Collections (>= 4.3)
      System.Diagnostics.Debug (>= 4.3)
      System.Globalization (>= 4.3)
      System.IO (>= 4.3)
      System.Linq (>= 4.3)
      System.ObjectModel (>= 4.3)
      System.Reflection (>= 4.3)
      System.Reflection.Emit (>= 4.3)
      System.Reflection.Emit.ILGeneration (>= 4.3)
      System.Reflection.Emit.Lightweight (>= 4.3)
      System.Reflection.Extensions (>= 4.3)
      System.Reflection.Primitives (>= 4.3)
      System.Reflection.TypeExtensions (>= 4.3)
      System.Resources.ResourceManager (>= 4.3)
      System.Runtime (>= 4.3)
      System.Runtime.Extensions (>= 4.3)
      System.Threading (>= 4.3)
    System.Linq.Queryable (4.3) - restriction: || (&& (== netcoreapp2.0) (< netstandard2.0)) (== netstandard1.6)
      System.Collections (>= 4.3)
      System.Diagnostics.Debug (>= 4.3)
      System.Linq (>= 4.3)
      System.Linq.Expressions (>= 4.3)
      System.Reflection (>= 4.3)
      System.Reflection.Extensions (>= 4.3)
      System.Resources.ResourceManager (>= 4.3)
      System.Runtime (>= 4.3)
    System.Net.Http (4.3.3) - restriction: || (&& (== netcoreapp2.0) (< netstandard1.3)) (&& (== netcoreapp2.0) (< netstandard1.4)) (&& (== netcoreapp2.0) (< netstandard1.5)) (&& (== netcoreapp2.0) (< netstandard1.6)) (&& (== netcoreapp2.0) (< netstandard2.0)) (&& (== netcoreapp2.0) (< portable-net451+win81+wpa81)) (== netstandard1.6)
      Microsoft.NETCore.Platforms (>= 1.1)
      runtime.native.System (>= 4.3)
      runtime.native.System.Net.Http (>= 4.3)
      runtime.native.System.Security.Cryptography.OpenSsl (>= 4.3.2)
      System.Collections (>= 4.3)
      System.Diagnostics.Debug (>= 4.3)
      System.Diagnostics.DiagnosticSource (>= 4.3)
      System.Diagnostics.Tracing (>= 4.3)
      System.Globalization (>= 4.3)
      System.Globalization.Extensions (>= 4.3)
      System.IO (>= 4.3)
      System.IO.FileSystem (>= 4.3)
      System.Net.Primitives (>= 4.3)
      System.Resources.ResourceManager (>= 4.3)
      System.Runtime (>= 4.3)
      System.Runtime.Extensions (>= 4.3)
      System.Runtime.Handles (>= 4.3)
      System.Runtime.InteropServices (>= 4.3)
      System.Security.Cryptography.Algorithms (>= 4.3)
      System.Security.Cryptography.Encoding (>= 4.3)
      System.Security.Cryptography.OpenSsl (>= 4.3)
      System.Security.Cryptography.Primitives (>= 4.3)
      System.Security.Cryptography.X509Certificates (>= 4.3)
      System.Text.Encoding (>= 4.3)
      System.Threading (>= 4.3)
      System.Threading.Tasks (>= 4.3)
    System.Net.Http.WinHttpHandler (4.4)
      NETStandard.Library (>= 1.6.1) - restriction: || (&& (== netcoreapp2.0) (>= net461)) (&& (== netcoreapp2.0) (< netstandard2.0)) (== netstandard1.6)
      System.Diagnostics.DiagnosticSource (>= 4.4) - restriction: || (&& (== netcoreapp2.0) (>= monoandroid)) (&& (== netcoreapp2.0) (>= monotouch)) (&& (== netcoreapp2.0) (< netstandard2.0)) (&& (== netcoreapp2.0) (>= xamarinios)) (&& (== netcoreapp2.0) (>= xamarinmac)) (&& (== netcoreapp2.0) (>= xamarintvos)) (&& (== netcoreapp2.0) (>= xamarinwatchos)) (== netstandard1.6)
    System.Net.Primitives (4.3) - restriction: || (&& (== netcoreapp2.0) (< netstandard1.1)) (&& (== netcoreapp2.0) (< netstandard1.3)) (&& (== netcoreapp2.0) (< netstandard2.0)) (&& (== netcoreapp2.0) (< portable-net45+win8+wp8+wpa81)) (== netstandard1.6)
      Microsoft.NETCore.Platforms (>= 1.1)
      Microsoft.NETCore.Targets (>= 1.1)
      System.Runtime (>= 4.3)
      System.Runtime.Handles (>= 4.3)
    System.Net.Requests (4.3) - restriction: || (&& (== netcoreapp2.0) (< netstandard2.0)) (== netstandard1.6)
      Microsoft.NETCore.Platforms (>= 1.1)
      System.Collections (>= 4.3)
      System.Diagnostics.Debug (>= 4.3)
      System.Diagnostics.Tracing (>= 4.3)
      System.Globalization (>= 4.3)
      System.IO (>= 4.3)
      System.Net.Http (>= 4.3)
      System.Net.Primitives (>= 4.3)
      System.Net.WebHeaderCollection (>= 4.3)
      System.Resources.ResourceManager (>= 4.3)
      System.Runtime (>= 4.3)
      System.Threading (>= 4.3)
      System.Threading.Tasks (>= 4.3)
    System.Net.Sockets (4.3) - restriction: || (&& (== netcoreapp2.0) (< netstandard1.4)) (&& (== netcoreapp2.0) (< netstandard1.5)) (&& (== netcoreapp2.0) (< netstandard1.6)) (&& (== netcoreapp2.0) (< netstandard2.0)) (== netstandard1.6)
      Microsoft.NETCore.Platforms (>= 1.1)
      Microsoft.NETCore.Targets (>= 1.1)
      System.IO (>= 4.3)
      System.Net.Primitives (>= 4.3)
      System.Runtime (>= 4.3)
      System.Threading.Tasks (>= 4.3)
    System.Net.WebHeaderCollection (4.3) - restriction: || (&& (== netcoreapp2.0) (< netstandard2.0)) (&& (== netcoreapp2.0) (< portable-net45+win8+wp8+wpa81)) (== netstandard1.6)
      System.Collections (>= 4.3)
      System.Resources.ResourceManager (>= 4.3)
      System.Runtime (>= 4.3)
      System.Runtime.Extensions (>= 4.3)
    System.ObjectModel (4.3) - restriction: || (&& (== netcoreapp2.0) (< netstandard2.0)) (== netstandard1.6)
      System.Collections (>= 4.3)
      System.Diagnostics.Debug (>= 4.3)
      System.Resources.ResourceManager (>= 4.3)
      System.Runtime (>= 4.3)
      System.Threading (>= 4.3)
    System.Reflection (4.3) - restriction: || (&& (== netcoreapp2.0) (< netstandard1.3)) (&& (== netcoreapp2.0) (< netstandard1.6)) (&& (== netcoreapp2.0) (< netstandard2.0)) (&& (== netcoreapp2.0) (< portable-net45+win8+wp8+wpa81)) (== netstandard1.6)
      Microsoft.NETCore.Platforms (>= 1.1)
      Microsoft.NETCore.Targets (>= 1.1)
      System.IO (>= 4.3)
      System.Reflection.Primitives (>= 4.3)
      System.Runtime (>= 4.3)
    System.Reflection.Emit (4.3) - restriction: || (&& (== netcoreapp2.0) (< netstandard2.0)) (== netstandard1.6)
      System.IO (>= 4.3)
      System.Reflection (>= 4.3)
      System.Reflection.Emit.ILGeneration (>= 4.3)
      System.Reflection.Primitives (>= 4.3)
      System.Runtime (>= 4.3)
    System.Reflection.Emit.ILGeneration (4.3) - restriction: || (&& (== netcoreapp2.0) (< netstandard2.0)) (&& (== netcoreapp2.0) (< portable-net45+win8+wp8+wpa81)) (== netstandard1.6)
      System.Reflection (>= 4.3)
      System.Reflection.Primitives (>= 4.3)
      System.Runtime (>= 4.3)
    System.Reflection.Emit.Lightweight (4.3) - restriction: || (&& (== netcoreapp2.0) (< netstandard2.0)) (&& (== netcoreapp2.0) (< portable-net45+win8+wp8+wpa81)) (== netstandard1.6)
      System.Reflection (>= 4.3)
      System.Reflection.Emit.ILGeneration (>= 4.3)
      System.Reflection.Primitives (>= 4.3)
      System.Runtime (>= 4.3)
    System.Reflection.Extensions (4.3) - restriction: || (&& (== netcoreapp2.0) (< netstandard2.0)) (&& (== netcoreapp2.0) (< portable-net45+win8+wp8+wpa81)) (== netstandard1.6)
      Microsoft.NETCore.Platforms (>= 1.1)
      Microsoft.NETCore.Targets (>= 1.1)
      System.Reflection (>= 4.3)
      System.Runtime (>= 4.3)
    System.Reflection.Primitives (4.3) - restriction: || (&& (== netcoreapp2.0) (< netstandard2.0)) (&& (== netcoreapp2.0) (< portable-net45+win8+wp8+wpa81)) (== netstandard1.6)
      Microsoft.NETCore.Platforms (>= 1.1)
      Microsoft.NETCore.Targets (>= 1.1)
      System.Runtime (>= 4.3)
    System.Reflection.TypeExtensions (4.4) - restriction: || (&& (== netcoreapp2.0) (< netstandard2.0)) (&& (== netcoreapp2.0) (< portable-net45+win8+wp8+wpa81)) (== netstandard1.6)
      System.Reflection (>= 4.3) - restriction: || (&& (== netcoreapp2.0) (< netstandard1.3)) (&& (== netcoreapp2.0) (< netstandard1.5)) (&& (== netcoreapp2.0) (< netstandard2.0)) (== netstandard1.6)
      System.Resources.ResourceManager (>= 4.3) - restriction: || (&& (== netcoreapp2.0) (< netstandard1.3)) (&& (== netcoreapp2.0) (< netstandard1.5)) (&& (== netcoreapp2.0) (< netstandard2.0)) (== netstandard1.6)
      System.Runtime (>= 4.3) - restriction: || (&& (== netcoreapp2.0) (< netstandard1.3)) (&& (== netcoreapp2.0) (< netstandard1.5)) (&& (== netcoreapp2.0) (< netstandard2.0)) (== netstandard1.6)
    System.Resources.ResourceManager (4.3) - restriction: || (&& (== netcoreapp2.0) (< netstandard2.0)) (&& (== netcoreapp2.0) (< portable-net45+win8+wp8+wpa81)) (== netstandard1.6)
      Microsoft.NETCore.Platforms (>= 1.1)
      Microsoft.NETCore.Targets (>= 1.1)
      System.Globalization (>= 4.3)
      System.Reflection (>= 4.3)
      System.Runtime (>= 4.3)
    System.Runtime (4.3)
      Microsoft.NETCore.Platforms (>= 1.1)
      Microsoft.NETCore.Targets (>= 1.1)
    System.Runtime.CompilerServices.Unsafe (4.4) - restriction: || (== netcoreapp2.0) (&& (== netstandard1.6) (>= netstandard2.0))
    System.Runtime.Extensions (4.3) - restriction: || (&& (== netcoreapp2.0) (< netstandard2.0)) (&& (== netcoreapp2.0) (< portable-net45+win8+wp8+wpa81)) (== netstandard1.6)
      Microsoft.NETCore.Platforms (>= 1.1)
      Microsoft.NETCore.Targets (>= 1.1)
      System.Runtime (>= 4.3)
    System.Runtime.Handles (4.3) - restriction: || (&& (== netcoreapp2.0) (< netstandard2.0)) (== netstandard1.6)
      Microsoft.NETCore.Platforms (>= 1.1)
      Microsoft.NETCore.Targets (>= 1.1)
      System.Runtime (>= 4.3)
    System.Runtime.InteropServices (4.3) - restriction: || (&& (== netcoreapp2.0) (< netstandard1.3)) (&& (== netcoreapp2.0) (< netstandard1.4)) (&& (== netcoreapp2.0) (< netstandard1.5)) (&& (== netcoreapp2.0) (< netstandard1.6)) (&& (== netcoreapp2.0) (< netstandard2.0)) (&& (== netcoreapp2.0) (< portable-net451+win81+wpa81)) (== netstandard1.6)
      Microsoft.NETCore.Platforms (>= 1.1)
      Microsoft.NETCore.Targets (>= 1.1)
      System.Reflection (>= 4.3)
      System.Reflection.Primitives (>= 4.3)
      System.Runtime (>= 4.3)
      System.Runtime.Handles (>= 4.3)
    System.Runtime.InteropServices.RuntimeInformation (4.3) - restriction: || (&& (== netcoreapp2.0) (< netstandard1.0)) (&& (== netcoreapp2.0) (< netstandard1.3)) (&& (== netcoreapp2.0) (< netstandard1.4)) (&& (== netcoreapp2.0) (< netstandard1.5)) (&& (== netcoreapp2.0) (< netstandard1.6)) (&& (== netcoreapp2.0) (< netstandard2.0)) (&& (== netcoreapp2.0) (< portable-net451+win81+wpa81)) (== netstandard1.6)
      runtime.native.System (>= 4.3)
      System.Reflection (>= 4.3)
      System.Reflection.Extensions (>= 4.3)
      System.Resources.ResourceManager (>= 4.3)
      System.Runtime (>= 4.3)
      System.Runtime.InteropServices (>= 4.3)
      System.Threading (>= 4.3)
    System.Runtime.Loader (4.3)
      System.IO (>= 4.3)
      System.Reflection (>= 4.3)
      System.Runtime (>= 4.3)
    System.Runtime.Numerics (4.3) - restriction: || (&& (== netcoreapp2.0) (< netstandard2.0)) (== netstandard1.6)
      System.Globalization (>= 4.3)
      System.Resources.ResourceManager (>= 4.3)
      System.Runtime (>= 4.3)
      System.Runtime.Extensions (>= 4.3)
    System.Runtime.Serialization.Formatters (4.3) - restriction: || (&& (== netcoreapp2.0) (< netstandard2.0)) (== netstandard1.6)
      System.Collections (>= 4.3)
      System.Reflection (>= 4.3)
      System.Resources.ResourceManager (>= 4.3)
      System.Runtime (>= 4.3)
      System.Runtime.Serialization.Primitives (>= 4.3)
    System.Runtime.Serialization.Primitives (4.3) - restriction: || (&& (== netcoreapp2.0) (< netstandard1.3)) (&& (== netcoreapp2.0) (< netstandard2.0)) (== netstandard1.6)
      System.Resources.ResourceManager (>= 4.3)
      System.Runtime (>= 4.3)
    System.Security.Cryptography.Algorithms (4.3.1) - restriction: || (&& (== netcoreapp2.0) (< netstandard1.4)) (&& (== netcoreapp2.0) (< netstandard1.5)) (&& (== netcoreapp2.0) (< netstandard1.6)) (&& (== netcoreapp2.0) (< netstandard2.0)) (== netstandard1.6)
      Microsoft.NETCore.Platforms (>= 1.1)
      runtime.native.System.Security.Cryptography.Apple (>= 4.3.1)
      runtime.native.System.Security.Cryptography.OpenSsl (>= 4.3.2)
      System.Collections (>= 4.3)
      System.IO (>= 4.3)
      System.Resources.ResourceManager (>= 4.3)
      System.Runtime (>= 4.3)
      System.Runtime.Extensions (>= 4.3)
      System.Runtime.Handles (>= 4.3)
      System.Runtime.InteropServices (>= 4.3)
      System.Runtime.Numerics (>= 4.3)
      System.Security.Cryptography.Encoding (>= 4.3)
      System.Security.Cryptography.Primitives (>= 4.3)
      System.Text.Encoding (>= 4.3)
    System.Security.Cryptography.Cng (4.4)
      Microsoft.NETCore.Platforms (>= 2.0) - restriction: || (== netcoreapp2.0) (&& (== netstandard1.6) (>= netcoreapp2.0))
      System.IO (>= 4.3) - restriction: || (&& (== netcoreapp2.0) (< netstandard1.4)) (&& (== netcoreapp2.0) (< netstandard1.6)) (&& (== netcoreapp2.0) (< netstandard2.0)) (== netstandard1.6)
      System.Resources.ResourceManager (>= 4.3) - restriction: || (&& (== netcoreapp2.0) (< netstandard1.4)) (&& (== netcoreapp2.0) (< netstandard1.6)) (&& (== netcoreapp2.0) (< netstandard2.0)) (== netstandard1.6)
      System.Runtime (>= 4.3) - restriction: || (&& (== netcoreapp2.0) (< netstandard1.4)) (&& (== netcoreapp2.0) (< netstandard1.6)) (&& (== netcoreapp2.0) (< netstandard2.0)) (== netstandard1.6)
      System.Runtime.Extensions (>= 4.3) - restriction: || (&& (== netcoreapp2.0) (< netstandard1.6)) (&& (== netcoreapp2.0) (< netstandard2.0)) (== netstandard1.6)
      System.Runtime.Handles (>= 4.3) - restriction: || (&& (== netcoreapp2.0) (< netstandard1.4)) (&& (== netcoreapp2.0) (< netstandard1.6)) (&& (== netcoreapp2.0) (< netstandard2.0)) (== netstandard1.6)
      System.Runtime.InteropServices (>= 4.3) - restriction: || (&& (== netcoreapp2.0) (< netstandard1.4)) (&& (== netcoreapp2.0) (< netstandard1.6)) (&& (== netcoreapp2.0) (< netstandard2.0)) (== netstandard1.6)
      System.Security.Cryptography.Algorithms (>= 4.3) - restriction: || (&& (== netcoreapp2.0) (< netstandard1.4)) (&& (== netcoreapp2.0) (< netstandard1.6)) (&& (== netcoreapp2.0) (< netstandard2.0)) (== netstandard1.6)
      System.Security.Cryptography.Encoding (>= 4.3) - restriction: || (&& (== netcoreapp2.0) (< netstandard1.6)) (&& (== netcoreapp2.0) (< netstandard2.0)) (== netstandard1.6)
      System.Security.Cryptography.Primitives (>= 4.3) - restriction: || (&& (== netcoreapp2.0) (< netstandard1.4)) (&& (== netcoreapp2.0) (< netstandard1.6)) (&& (== netcoreapp2.0) (< netstandard2.0)) (== netstandard1.6)
      System.Text.Encoding (>= 4.3) - restriction: || (&& (== netcoreapp2.0) (< netstandard1.6)) (&& (== netcoreapp2.0) (< netstandard2.0)) (== netstandard1.6)
    System.Security.Cryptography.Csp (4.3)
      Microsoft.NETCore.Platforms (>= 1.1)
      System.IO (>= 4.3)
      System.Reflection (>= 4.3)
      System.Resources.ResourceManager (>= 4.3)
      System.Runtime (>= 4.3)
      System.Runtime.Extensions (>= 4.3)
      System.Runtime.Handles (>= 4.3)
      System.Runtime.InteropServices (>= 4.3)
      System.Security.Cryptography.Algorithms (>= 4.3)
      System.Security.Cryptography.Encoding (>= 4.3)
      System.Security.Cryptography.Primitives (>= 4.3)
      System.Text.Encoding (>= 4.3)
      System.Threading (>= 4.3)
    System.Security.Cryptography.Encoding (4.3) - restriction: || (&& (== netcoreapp2.0) (< netstandard1.4)) (&& (== netcoreapp2.0) (< netstandard1.5)) (&& (== netcoreapp2.0) (< netstandard1.6)) (&& (== netcoreapp2.0) (< netstandard2.0)) (== netstandard1.6)
      Microsoft.NETCore.Platforms (>= 1.1)
      runtime.native.System.Security.Cryptography.OpenSsl (>= 4.3)
      System.Collections (>= 4.3)
      System.Collections.Concurrent (>= 4.3)
      System.Linq (>= 4.3)
      System.Resources.ResourceManager (>= 4.3)
      System.Runtime (>= 4.3)
      System.Runtime.Extensions (>= 4.3)
      System.Runtime.Handles (>= 4.3)
      System.Runtime.InteropServices (>= 4.3)
      System.Security.Cryptography.Primitives (>= 4.3)
      System.Text.Encoding (>= 4.3)
    System.Security.Cryptography.OpenSsl (4.4) - restriction: || (&& (== netcoreapp2.0) (< netstandard1.3)) (&& (== netcoreapp2.0) (< netstandard1.4)) (&& (== netcoreapp2.0) (< netstandard1.5)) (&& (== netcoreapp2.0) (< netstandard1.6)) (&& (== netcoreapp2.0) (< netstandard2.0)) (&& (== netcoreapp2.0) (< portable-net451+win81+wpa81)) (== netstandard1.6)
      System.Collections (>= 4.3) - restriction: || (&& (== netcoreapp2.0) (< netstandard2.0)) (== netstandard1.6)
      System.IO (>= 4.3) - restriction: || (&& (== netcoreapp2.0) (< netstandard2.0)) (== netstandard1.6)
      System.Resources.ResourceManager (>= 4.3) - restriction: || (&& (== netcoreapp2.0) (< netstandard2.0)) (== netstandard1.6)
      System.Runtime (>= 4.3) - restriction: || (&& (== netcoreapp2.0) (< netstandard2.0)) (== netstandard1.6)
      System.Runtime.Extensions (>= 4.3) - restriction: || (&& (== netcoreapp2.0) (< netstandard2.0)) (== netstandard1.6)
      System.Runtime.Handles (>= 4.3) - restriction: || (&& (== netcoreapp2.0) (< netstandard2.0)) (== netstandard1.6)
      System.Runtime.InteropServices (>= 4.3) - restriction: || (&& (== netcoreapp2.0) (< netstandard2.0)) (== netstandard1.6)
      System.Runtime.Numerics (>= 4.3) - restriction: || (&& (== netcoreapp2.0) (< netstandard2.0)) (== netstandard1.6)
      System.Security.Cryptography.Algorithms (>= 4.3) - restriction: || (&& (== netcoreapp2.0) (< netstandard2.0)) (== netstandard1.6)
      System.Security.Cryptography.Encoding (>= 4.3) - restriction: || (&& (== netcoreapp2.0) (< netstandard2.0)) (== netstandard1.6)
      System.Security.Cryptography.Primitives (>= 4.3) - restriction: || (&& (== netcoreapp2.0) (< netstandard2.0)) (== netstandard1.6)
      System.Text.Encoding (>= 4.3) - restriction: || (&& (== netcoreapp2.0) (< netstandard2.0)) (== netstandard1.6)
    System.Security.Cryptography.Primitives (4.3) - restriction: || (&& (== netcoreapp2.0) (< netstandard1.4)) (&& (== netcoreapp2.0) (< netstandard1.5)) (&& (== netcoreapp2.0) (< netstandard1.6)) (&& (== netcoreapp2.0) (< netstandard2.0)) (== netstandard1.6)
      System.Diagnostics.Debug (>= 4.3)
      System.Globalization (>= 4.3)
      System.IO (>= 4.3)
      System.Resources.ResourceManager (>= 4.3)
      System.Runtime (>= 4.3)
      System.Threading (>= 4.3)
      System.Threading.Tasks (>= 4.3)
    System.Security.Cryptography.X509Certificates (4.3.2)
      Microsoft.NETCore.Platforms (>= 1.1)
      runtime.native.System (>= 4.3)
      runtime.native.System.Net.Http (>= 4.3)
      runtime.native.System.Security.Cryptography.OpenSsl (>= 4.3.2)
      System.Collections (>= 4.3)
      System.Diagnostics.Debug (>= 4.3)
      System.Globalization (>= 4.3)
      System.Globalization.Calendars (>= 4.3)
      System.IO (>= 4.3)
      System.IO.FileSystem (>= 4.3)
      System.IO.FileSystem.Primitives (>= 4.3)
      System.Resources.ResourceManager (>= 4.3)
      System.Runtime (>= 4.3)
      System.Runtime.Extensions (>= 4.3)
      System.Runtime.Handles (>= 4.3)
      System.Runtime.InteropServices (>= 4.3)
      System.Runtime.Numerics (>= 4.3)
      System.Security.Cryptography.Algorithms (>= 4.3)
      System.Security.Cryptography.Cng (>= 4.3)
      System.Security.Cryptography.Csp (>= 4.3)
      System.Security.Cryptography.Encoding (>= 4.3)
      System.Security.Cryptography.OpenSsl (>= 4.3)
      System.Security.Cryptography.Primitives (>= 4.3)
      System.Text.Encoding (>= 4.3)
      System.Threading (>= 4.3)
    System.Text.Encoding (4.3) - restriction: || (&& (== netcoreapp2.0) (< netstandard1.3)) (&& (== netcoreapp2.0) (< netstandard1.5)) (&& (== netcoreapp2.0) (< netstandard2.0)) (&& (== netcoreapp2.0) (< portable-net45+win8+wp8+wpa81)) (== netstandard1.6)
      Microsoft.NETCore.Platforms (>= 1.1)
      Microsoft.NETCore.Targets (>= 1.1)
      System.Runtime (>= 4.3)
    System.Text.Encoding.Extensions (4.3) - restriction: || (&& (== netcoreapp2.0) (< netstandard1.3)) (&& (== netcoreapp2.0) (< netstandard1.4)) (&& (== netcoreapp2.0) (< netstandard1.5)) (&& (== netcoreapp2.0) (< netstandard1.6)) (&& (== netcoreapp2.0) (< netstandard2.0)) (&& (== netcoreapp2.0) (< portable-net45+win8+wpa81)) (&& (== netcoreapp2.0) (< portable-net451+win81+wpa81)) (== netstandard1.6)
      Microsoft.NETCore.Platforms (>= 1.1)
      Microsoft.NETCore.Targets (>= 1.1)
      System.Runtime (>= 4.3)
      System.Text.Encoding (>= 4.3)
    System.Text.RegularExpressions (4.3) - restriction: || (&& (== netcoreapp2.0) (< netstandard2.0)) (== netstandard1.6)
      System.Collections (>= 4.3) - restriction: || (&& (== netcoreapp2.0) (< netcoreapp1.1)) (&& (== netcoreapp2.0) (< portable-net45+win8+wp8+wpa81)) (== netstandard1.6)
      System.Globalization (>= 4.3) - restriction: || (&& (== netcoreapp2.0) (< netcoreapp1.1)) (&& (== netcoreapp2.0) (< portable-net45+win8+wp8+wpa81)) (== netstandard1.6)
      System.Resources.ResourceManager (>= 4.3) - restriction: || (&& (== netcoreapp2.0) (< netcoreapp1.1)) (&& (== netcoreapp2.0) (< portable-net45+win8+wp8+wpa81)) (== netstandard1.6)
      System.Runtime (>= 4.3)
      System.Runtime.Extensions (>= 4.3) - restriction: || (&& (== netcoreapp2.0) (< netcoreapp1.1)) (&& (== netcoreapp2.0) (< portable-net45+win8+wp8+wpa81)) (== netstandard1.6)
      System.Threading (>= 4.3) - restriction: || (&& (== netcoreapp2.0) (< netcoreapp1.1)) (&& (== netcoreapp2.0) (< portable-net45+win8+wp8+wpa81)) (== netstandard1.6)
    System.Threading (4.3)
      System.Runtime (>= 4.3)
      System.Threading.Tasks (>= 4.3)
    System.Threading.Tasks (4.3) - restriction: || (&& (== netcoreapp2.0) (< netstandard1.3)) (&& (== netcoreapp2.0) (< netstandard1.5)) (&& (== netcoreapp2.0) (< netstandard2.0)) (&& (== netcoreapp2.0) (< portable-net45+win8+wp8+wpa81)) (== netstandard1.6)
      Microsoft.NETCore.Platforms (>= 1.1)
      Microsoft.NETCore.Targets (>= 1.1)
      System.Runtime (>= 4.3)
    System.Threading.Tasks.Extensions (4.4) - restriction: || (&& (== netcoreapp2.0) (< netstandard1.3)) (&& (== netcoreapp2.0) (< netstandard1.4)) (&& (== netcoreapp2.0) (< netstandard1.5)) (&& (== netcoreapp2.0) (< netstandard1.6)) (&& (== netcoreapp2.0) (< netstandard2.0)) (&& (== netcoreapp2.0) (< portable-net45+win8+wp8+wpa81)) (&& (== netcoreapp2.0) (< portable-net45+win8+wpa81)) (&& (== netcoreapp2.0) (< portable-net451+win81+wpa81)) (== netstandard1.6)
      System.Collections (>= 4.3) - restriction: || (&& (== netcoreapp2.0) (< netstandard2.0)) (== netstandard1.6)
      System.Runtime (>= 4.3) - restriction: || (&& (== netcoreapp2.0) (< netstandard2.0)) (== netstandard1.6)
      System.Threading.Tasks (>= 4.3) - restriction: || (&& (== netcoreapp2.0) (< netstandard2.0)) (== netstandard1.6)
    System.Threading.Tasks.Parallel (4.3) - restriction: || (&& (== netcoreapp2.0) (< netstandard2.0)) (== netstandard1.6)
      System.Collections.Concurrent (>= 4.3)
      System.Diagnostics.Debug (>= 4.3)
      System.Diagnostics.Tracing (>= 4.3)
      System.Resources.ResourceManager (>= 4.3)
      System.Runtime (>= 4.3)
      System.Runtime.Extensions (>= 4.3)
      System.Threading (>= 4.3)
      System.Threading.Tasks (>= 4.3)
    System.Threading.Thread (4.3) - restriction: || (&& (== netcoreapp2.0) (< netstandard2.0)) (== netstandard1.6)
      System.Runtime (>= 4.3)
    System.Threading.ThreadPool (4.3) - restriction: || (&& (== netcoreapp2.0) (< netstandard2.0)) (== netstandard1.6)
      System.Runtime (>= 4.3)
      System.Runtime.Handles (>= 4.3)
    System.Threading.Timer (4.3) - restriction: || (&& (== netcoreapp2.0) (< netstandard2.0)) (== netstandard1.6)
      Microsoft.NETCore.Platforms (>= 1.1)
      Microsoft.NETCore.Targets (>= 1.1)
      System.Runtime (>= 4.3)
    System.ValueTuple (4.4)
      NETStandard.Library (>= 1.6.1) - restriction: || (&& (== netcoreapp2.0) (< netstandard2.0)) (== netstandard1.6)
    System.Xml.ReaderWriter (4.3.1) - restriction: || (&& (== netcoreapp2.0) (< netstandard1.3)) (&& (== netcoreapp2.0) (< netstandard1.4)) (&& (== netcoreapp2.0) (< netstandard1.5)) (&& (== netcoreapp2.0) (< netstandard1.6)) (&& (== netcoreapp2.0) (< netstandard2.0)) (&& (== netcoreapp2.0) (< portable-net45+win8+wpa81)) (&& (== netcoreapp2.0) (< portable-net451+win81+wpa81)) (== netstandard1.6)
      System.Collections (>= 4.3)
      System.Diagnostics.Debug (>= 4.3)
      System.Globalization (>= 4.3)
      System.IO (>= 4.3)
      System.IO.FileSystem (>= 4.3)
      System.IO.FileSystem.Primitives (>= 4.3)
      System.Resources.ResourceManager (>= 4.3)
      System.Runtime (>= 4.3)
      System.Runtime.Extensions (>= 4.3)
      System.Runtime.InteropServices (>= 4.3)
      System.Text.Encoding (>= 4.3)
      System.Text.Encoding.Extensions (>= 4.3)
      System.Text.RegularExpressions (>= 4.3)
      System.Threading.Tasks (>= 4.3)
      System.Threading.Tasks.Extensions (>= 4.3)
    System.Xml.XDocument (4.3) - restriction: || (&& (== netcoreapp2.0) (< netstandard1.3)) (&& (== netcoreapp2.0) (< netstandard1.4)) (&& (== netcoreapp2.0) (< netstandard1.5)) (&& (== netcoreapp2.0) (< netstandard1.6)) (&& (== netcoreapp2.0) (< netstandard2.0)) (&& (== netcoreapp2.0) (< portable-net45+win8+wpa81)) (&& (== netcoreapp2.0) (< portable-net451+win81+wpa81)) (== netstandard1.6)
      System.Collections (>= 4.3)
      System.Diagnostics.Debug (>= 4.3)
      System.Diagnostics.Tools (>= 4.3)
      System.Globalization (>= 4.3)
      System.IO (>= 4.3)
      System.Reflection (>= 4.3)
      System.Resources.ResourceManager (>= 4.3)
      System.Runtime (>= 4.3)
      System.Runtime.Extensions (>= 4.3)
      System.Text.Encoding (>= 4.3)
      System.Threading (>= 4.3)
      System.Xml.ReaderWriter (>= 4.3)
    System.Xml.XmlDocument (4.3) - restriction: || (&& (== netcoreapp2.0) (< netstandard2.0)) (== netstandard1.6)
      System.Collections (>= 4.3)
      System.Diagnostics.Debug (>= 4.3)
      System.Globalization (>= 4.3)
      System.IO (>= 4.3)
      System.Resources.ResourceManager (>= 4.3)
      System.Runtime (>= 4.3)
      System.Runtime.Extensions (>= 4.3)
      System.Text.Encoding (>= 4.3)
      System.Threading (>= 4.3)
      System.Xml.ReaderWriter (>= 4.3)
